GEM
  remote: http://rubygems.org/
  specs:
    bundle (0.0.1)
      bundler
    gosu (0.7.47.1)
    json (1.8.0)
    rdoc (4.0.1)
      json (~> 1.4)

PLATFORMS
  ruby

DEPENDENCIES
  bundle (= 0.0.1)
  gosu (= 0.7.47.1)
  json (= 1.8.0)
  rdoc (= 4.0.1)
